GEM
  remote: https://rubygems.org/
  specs:

PLATFORMS

DEPENDENCIES

BUNDLED WITH
   1.15.3
